GEM
  remote: https://rubygems.org/
  specs:
    mini_portile (0.6.0)
    mustache (0.99.5)
    nokogiri (1.6.2.1)
      mini_portile (= 0.6.0)
    nokogiri (1.6.2.1-x86-mingw32)
      mini_portile (= 0.6.0)

PLATFORMS
  ruby
  x86-mingw32

DEPENDENCIES
  mustache
  nokogiri

BUNDLED WITH
   1.13.6
